GEM
  remote: https://rubygems.org/
  specs:
    connection_pool (2.2.5)
    rack (2.2.3)
    redis (4.5.1)
    sidekiq (6.3.1)
      connection_pool (>= 2.2.2)
      rack (~> 2.0)
      redis (>= 4.2.0)

PLATFORMS
  x86_64-darwin-18

DEPENDENCIES
  sidekiq

RUBY VERSION
   ruby 2.7.1p83

BUNDLED WITH
   2.2.21
